GIT
  remote: https://github.com/bronson/gitrb.git
  revision: b026b6a45e95e36ff2759ba1d05ea6058a161dd0
  branch: patch-1
  specs:
    gitrb (0.2.8)

GIT
  remote: https://github.com/bronson/retryable.git
  revision: e5abac7f38cd784d76ddd5c0c220a9a5468084b0
  specs:
    retryable (0.9.0)

GEM
  remote: http://rubygems.org/
  specs:
    abstract (1.0.0)
    activesupport (3.0.8)
    addressable (2.2.7)
    builder (3.0.0)
    bzip2-ruby (0.2.7)
    crack (0.3.1)
    curb (0.8.0)
    diff-lcs (1.1.3)
    erubis (2.6.6)
      abstract (>= 1.0.0)
    faraday (0.8.1)
      multipart-post (~> 1.1)
    faraday_middleware (0.8.8)
      faraday (>= 0.7.4, < 0.9)
    feedzirra (0.0.24)
      activesupport (>= 2.3.8)
      builder (>= 2.1.2)
      curb (>= 0.2.3)
      loofah (>= 0.3.1)
      nokogiri (> 0.0.0)
      sax-machine (>= 0.0.12)
    hashie (1.2.0)
    hpricot (0.8.2)
    htmlentities (4.2.4)
    i18n (0.4.2)
    json (1.4.6)
    loofah (1.0.0)
      nokogiri (>= 1.3.3)
    mail (2.2.19)
      activesupport (>= 2.3.6)
      i18n (>= 0.4.0)
      mime-types (~> 1.16)
      treetop (~> 1.4.8)
    mime-types (1.16)
    mimemagic (0.1.7)
    multi_json (1.3.6)
    multipart-post (1.1.5)
    nokogiri (1.5.5)
    octokit (1.8.1)
      addressable (~> 2.2)
      faraday (~> 0.8)
      faraday_middleware (~> 0.8)
      hashie (~> 1.2)
      multi_json (~> 1.3)
    polyglot (0.3.1)
    rake (0.9.2.2)
    rspec (2.9.0)
      rspec-core (~> 2.9.0)
      rspec-expectations (~> 2.9.0)
      rspec-mocks (~> 2.9.0)
    rspec-core (2.9.0)
    rspec-expectations (2.9.0)
      diff-lcs (~> 1.1.3)
    rspec-mocks (2.9.0)
    sax-machine (0.1.0)
      nokogiri (> 0.0.0)
    treetop (1.4.9)
      polyglot (>= 0.3.1)
    webmock (1.8.5)
      addressable (>= 2.2.7)
      crack (>= 0.1.7)

PLATFORMS
  ruby

DEPENDENCIES
  bzip2-ruby (~> 0.2.6)
  erubis (~> 2.6.6)
  feedzirra (~> 0.0.24)
  gitrb!
  hashie (~> 1.2)
  hpricot (= 0.8.2)
  htmlentities (~> 4.2.1)
  i18n (~> 0.4.1)
  json (~> 1.4.6)
  mail (~> 2.2.7)
  mime-types (~> 1.16)
  mimemagic (= 0.1.7)
  octokit (= 1.8.1)
  rake
  retryable!
  rspec (~> 2.5)
  webmock (~> 1.8)

BUNDLED WITH
   1.16.2
